GEM
  remote: http://rubygems.org/
  specs:
    rack (1.2.1)
    rack-contrib (1.1.0)
      rack (>= 0.9.1)
    rack-test (0.5.6)
      rack (>= 1.0)
    redis (2.1.1)
    redis-namespace (0.10.0)
      redis (< 3.0.0)
    sinatra (1.1.0)
      rack (~> 1.1)
      tilt (~> 1.1)
    tilt (1.1)

PLATFORMS
  ruby

DEPENDENCIES
  rack-contrib
  rack-test
  redis
  redis-namespace
  sinatra
